PATH
  remote: .
  specs:
    cellula (0.1.0)
      docile (= 1.1.0)

GEM
  remote: https://rubygems.org/
  specs:
    coco (0.7.1)
    diff-lcs (1.2.4)
    docile (1.1.0)
    rake (10.1.0)
    rspec (2.14.1)
      rspec-core (~> 2.14.0)
      rspec-expectations (~> 2.14.0)
      rspec-mocks (~> 2.14.0)
    rspec-core (2.14.4)
    rspec-expectations (2.14.0)
      diff-lcs (>= 1.1.3, < 2.0)
    rspec-mocks (2.14.2)
    tomparse (0.4.2)
    yard (0.8.7)
    yard-tomdoc (0.7.1)
      tomparse (>= 0.4.0)
      yard

PLATFORMS
  ruby

DEPENDENCIES
  cellula!
  coco (>= 0.7.1)
  rake
  rspec
  yard
  yard-tomdoc
